GEM
  remote: https://rubygems.org/
  specs:
    bundler-audit (0.8.0)
      bundler (>= 1.2.0, < 3)
      thor (~> 1.0)
    ffi (1.15.0)
    json (2.5.1)
    minitest (5.14.4)
    rbnacl (7.1.1)
      ffi
    thor (1.1.0)

PLATFORMS
  ruby

DEPENDENCIES
  bundler-audit
  json
  minitest
  rbnacl

BUNDLED WITH
   2.2.14
